GEM
  remote: https://rubygems.org/
  specs:
    mini_portile2 (2.4.0)
    nokogiri (1.9.1)
      mini_portile2 (~> 2.4.0)

PLATFORMS
  aarch64-linux
  arm64-darwin-21
  x86_64-darwin-19
  x86_64-linux

DEPENDENCIES
  nokogiri (= 1.9.1)

BUNDLED WITH
   2.3.14
